PATH
  remote: .
  specs:
    emoji_differ (0.1.0.alpha2)
      json (> 0)

GEM
  remote: https://rubygems.org/
  specs:
    diff-lcs (1.3)
    json (2.1.0)
    rake (10.5.0)
    rspec (3.8.0)
      rspec-core (~> 3.8.0)
      rspec-expectations (~> 3.8.0)
      rspec-mocks (~> 3.8.0)
    rspec-core (3.8.0)
      rspec-support (~> 3.8.0)
    rspec-expectations (3.8.2)
      diff-lcs (>= 1.2.0, < 2.0)
      rspec-support (~> 3.8.0)
    rspec-mocks (3.8.0)
      diff-lcs (>= 1.2.0, < 2.0)
      rspec-support (~> 3.8.0)
    rspec-support (3.8.0)

PLATFORMS
  ruby
  x86_64-darwin-17

DEPENDENCIES
  bundler (~> 2.0)
  emoji_differ!
  rake (~> 10.0)
  rspec (~> 3.0)

BUNDLED WITH
   2.0.1
